GIT
  remote: git://github.com/jilion/configurator.git
  revision: 3a8df3f51dea0e414bc9cd86fea1f85b1a30745a
  specs:
    configurator (1.0.0)
      activesupport (>= 3.2.12)

GIT
  remote: git://github.com/librato/librato-rails.git
  revision: 82a95ae54f2ed990135a7b655293107384da2796
  branch: feature/rack_first
  specs:
    librato-rails (0.8.1)
      librato-metrics (~> 1.0.2)
      rails (>= 3.0)

GEM
  remote: https://rubygems.org/
  remote: https://8dezqz7z7HWea9vtaFwg@gem.fury.io/me/
  specs:
    actionmailer (4.0.0.beta1)
      actionpack (= 4.0.0.beta1)
      mail (~> 2.5.3)
    actionpack (4.0.0.beta1)
      activesupport (= 4.0.0.beta1)
      builder (~> 3.1.0)
      erubis (~> 2.7.0)
      rack (~> 1.5.2)
      rack-test (~> 0.6.2)
    activemodel (4.0.0.beta1)
      activesupport (= 4.0.0.beta1)
      builder (~> 3.1.0)
    activerecord (4.0.0.beta1)
      activemodel (= 4.0.0.beta1)
      activerecord-deprecated_finders (~> 0.0.3)
      activesupport (= 4.0.0.beta1)
      arel (~> 4.0.0.beta1)
    activerecord-deprecated_finders (0.0.3)
    activesupport (4.0.0.beta1)
      i18n (~> 0.6.2)
      minitest (~> 4.2)
      multi_json (~> 1.3)
      thread_safe (~> 0.1)
      tzinfo (~> 0.3.33)
    addressable (2.3.3)
    aggregate (0.2.2)
    airbrake (3.1.8)
      activesupport
      builder
      json
    annotate (2.5.0)
      rake
    arel (4.0.0.beta1)
    atomic (1.0.1)
    bourne (1.1.2)
      mocha (= 0.10.5)
    builder (3.1.4)
    celluloid (0.12.4)
      facter (>= 1.6.12)
      timers (>= 1.0.0)
    coderay (1.0.9)
    connection_pool (1.0.0)
    crack (0.3.2)
    dalli (2.6.2)
    diff-lcs (1.2.1)
    erubis (2.7.0)
    excon (0.19.5)
    facter (1.6.17)
    factory_girl (4.2.0)
      activesupport (>= 3.0.0)
    factory_girl_rails (4.2.1)
      factory_girl (~> 4.2.0)
      railties (>= 3.0.0)
    faraday (0.8.6)
      multipart-post (~> 1.1)
    fog (1.10.0)
      builder
      excon (~> 0.14)
      formatador (~> 0.2.0)
      mime-types
      multi_json (~> 1.0)
      net-scp (~> 1.1)
      net-ssh (>= 2.1.3)
      nokogiri (~> 1.5.0)
      ruby-hmac
    formatador (0.2.4)
    guard (1.6.2)
      listen (>= 0.6.0)
      lumberjack (>= 1.0.2)
      pry (>= 0.9.10)
      terminal-table (>= 1.4.3)
      thor (>= 0.14.6)
    guard-pow (1.0.0)
      guard (>= 1.1)
    guard-rspec (2.4.1)
      guard (>= 1.1)
      rspec (~> 2.11)
    has_scope (0.5.1)
    her (0.4)
      activesupport (>= 3.0.0)
      faraday (~> 0.8)
      multi_json (~> 1.5)
    hike (1.2.1)
    i18n (0.6.2)
    json (1.7.7)
    kaminari (0.14.1)
      actionpack (>= 3.0.0)
      activesupport (>= 3.0.0)
    librato-metrics (1.0.3)
      aggregate (~> 0.2.2)
      faraday (~> 0.7)
      multi_json
    listen (0.7.3)
    lograge (0.2.0)
      actionpack
      activesupport
    lumberjack (1.0.2)
    mail (2.5.3)
      i18n (>= 0.4.0)
      mime-types (~> 1.16)
      treetop (~> 1.4.8)
    metaclass (0.0.1)
    method_source (0.8.1)
    mime-types (1.21)
    minitest (4.6.1)
    mocha (0.10.5)
      metaclass (~> 0.0.1)
    multi_json (1.6.1)
    multipart-post (1.2.0)
    net-scp (1.1.0)
      net-ssh (>= 2.6.5)
    net-ssh (2.6.6)
    newrelic_rpm (3.5.7.59)
    nokogiri (1.5.6)
    pg (0.14.1)
    polyglot (0.3.3)
    pry (0.9.12)
      coderay (~> 1.0.5)
      method_source (~> 0.8)
      slop (~> 3.4)
    puma (2.0.0.b6)
      rack (>= 1.1, < 2.0)
    rack (1.5.2)
    rack-cache (1.2)
      rack (>= 0.4)
    rack-status (1.0.0)
    rack-test (0.6.2)
      rack (>= 1.0)
    rails (4.0.0.beta1)
      actionmailer (= 4.0.0.beta1)
      actionpack (= 4.0.0.beta1)
      activerecord (= 4.0.0.beta1)
      activesupport (= 4.0.0.beta1)
      bundler (>= 1.3.0, < 2.0)
      railties (= 4.0.0.beta1)
      sprockets-rails (~> 2.0.0.rc3)
    railties (4.0.0.beta1)
      actionpack (= 4.0.0.beta1)
      activesupport (= 4.0.0.beta1)
      rake (>= 0.8.7)
      rdoc (~> 3.4)
      thor (>= 0.17.0, < 2.0)
    rake (10.0.3)
    rb-fsevent (0.9.3)
    rdoc (3.12.2)
      json (~> 1.4)
    redis (3.0.2)
    redis-namespace (1.2.1)
      redis (~> 3.0.0)
    responders (0.6.5)
    rspec (2.13.0)
      rspec-core (~> 2.13.0)
      rspec-expectations (~> 2.13.0)
      rspec-mocks (~> 2.13.0)
    rspec-core (2.13.0)
    rspec-expectations (2.13.0)
      diff-lcs (>= 1.1.3, < 2.0)
    rspec-mocks (2.13.0)
    rspec-rails (2.13.0)
      actionpack (>= 3.0)
      activesupport (>= 3.0)
      railties (>= 3.0)
      rspec-core (~> 2.13.0)
      rspec-expectations (~> 2.13.0)
      rspec-mocks (~> 2.13.0)
    ruby-hmac (0.4.0)
    ruby_gntp (0.3.4)
    shoulda-matchers (1.4.2)
      activesupport (>= 3.0.0)
      bourne (~> 1.1.2)
    sidekiq (2.7.5)
      celluloid (~> 0.12.0)
      connection_pool (~> 1.0)
      multi_json (~> 1)
      redis (~> 3)
      redis-namespace
    slop (3.4.3)
    sprockets (2.9.0)
      hike (~> 1.2)
      multi_json (~> 1.0)
      rack (~> 1.0)
      tilt (~> 1.1, != 1.3.0)
    sprockets-rails (2.0.0.rc3)
      actionpack (>= 3.0)
      activesupport (>= 3.0)
      sprockets (~> 2.8)
    sublime_video_private_api (1.1.1)
      her
      kaminari
      rails (>= 3.2.12)
      responders
    terminal-table (1.4.5)
    thor (0.17.0)
    thread_safe (0.1.0)
      atomic
    tilt (1.3.3)
    timers (1.1.0)
    treetop (1.4.12)
      polyglot
      polyglot (>= 0.3.1)
    tzinfo (0.3.35)
    vcr (2.4.0)
    video_info (1.1.1)
      multi_json
    webmock (1.9.3)
      addressable (>= 2.2.7)
      crack (>= 0.3.2)

PLATFORMS
  ruby

DEPENDENCIES
  airbrake
  annotate
  configurator!
  dalli
  factory_girl_rails
  fog
  guard-pow
  guard-rspec
  has_scope
  librato-rails!
  lograge
  newrelic_rpm
  pg
  puma (= 2.0.0.b6)
  rack-cache
  rack-status
  rails (= 4.0.0.beta1)
  rb-fsevent
  rspec-rails
  ruby_gntp
  shoulda-matchers
  sidekiq
  sublime_video_private_api (~> 1.0)
  vcr
  video_info
  webmock
